PATH
  remote: .
  specs:
    stream_lines (0.4.0)
      httparty (~> 0.14)

GEM
  remote: https://rubygems.org/
  specs:
    addressable (2.7.0)
      public_suffix (>= 2.0.2, < 5.0)
    ast (2.4.1)
    awesome_print (1.8.0)
    backports (3.17.2)
    bundler-audit (0.7.0.1)
      bundler (>= 1.2.0, < 3)
      thor (>= 0.18, < 2)
    bundler-gem_version_tasks (0.2.1)
    byebug (11.1.3)
    charlock_holmes (0.7.7)
    crack (0.4.3)
      safe_yaml (~> 1.0.0)
    diff-lcs (1.3)
    docile (1.3.2)
    ffi (1.13.1)
    get_process_mem (0.2.7)
      ffi (~> 1.0)
    hashdiff (1.0.1)
    httparty (0.18.1)
      mime-types (~> 3.0)
      multi_xml (>= 0.5.2)
    memory_profiler (0.9.14)
    mime-types (3.3.1)
      mime-types-data (~> 3.2015)
    mime-types-data (3.2020.0512)
    multi_json (1.14.1)
    multi_xml (0.6.0)
    mustermann (1.1.1)
      ruby2_keywords (~> 0.0.1)
    parallel (1.19.2)
    parser (2.7.1.4)
      ast (~> 2.4.1)
    public_suffix (4.0.5)
    rack (2.2.3)
    rack-protection (2.0.8.1)
      rack
    rainbow (3.0.0)
    rake (13.0.1)
    regexp_parser (1.7.1)
    rexml (3.2.4)
    rspec (3.9.0)
      rspec-core (~> 3.9.0)
      rspec-expectations (~> 3.9.0)
      rspec-mocks (~> 3.9.0)
    rspec-core (3.9.2)
      rspec-support (~> 3.9.3)
    rspec-expectations (3.9.2)
      diff-lcs (>= 1.2.0, < 2.0)
      rspec-support (~> 3.9.0)
    rspec-mocks (3.9.1)
      diff-lcs (>= 1.2.0, < 2.0)
      rspec-support (~> 3.9.0)
    rspec-support (3.9.3)
    rubocop (0.90.0)
      parallel (~> 1.10)
      parser (>= 2.7.1.1)
      rainbow (>= 2.2.2, < 4.0)
      regexp_parser (>= 1.7)
      rexml
      rubocop-ast (>= 0.3.0, < 1.0)
      ruby-progressbar (~> 1.7)
      unicode-display_width (>= 1.4.0, < 2.0)
    rubocop-ast (0.3.0)
      parser (>= 2.7.1.4)
    ruby-progressbar (1.10.1)
    ruby2_keywords (0.0.2)
    safe_yaml (1.0.5)
    simplecov (0.18.5)
      docile (~> 1.1)
      simplecov-html (~> 0.11)
    simplecov-html (0.12.2)
    sinatra (2.0.8.1)
      mustermann (~> 1.0)
      rack (~> 2.0)
      rack-protection (= 2.0.8.1)
      tilt (~> 2.0)
    sinatra-contrib (2.0.8.1)
      backports (>= 2.8.2)
      multi_json
      mustermann (~> 1.0)
      rack-protection (= 2.0.8.1)
      sinatra (= 2.0.8.1)
      tilt (~> 2.0)
    thor (1.0.1)
    tilt (2.0.10)
    unicode-display_width (1.7.0)
    webmock (3.8.3)
      addressable (>= 2.3.6)
      crack (>= 0.3.2)
      hashdiff (>= 0.4.0, < 2.0.0)

PLATFORMS
  ruby

DEPENDENCIES
  awesome_print (~> 1.8)
  bundler (~> 2.0)
  bundler-audit
  bundler-gem_version_tasks
  byebug
  charlock_holmes
  get_process_mem
  memory_profiler
  rake (~> 13.0)
  rspec (~> 3.0)
  rubocop (~> 0.90.0)
  simplecov (~> 0.17)
  sinatra (~> 2.0)
  sinatra-contrib (~> 2.0)
  stream_lines!
  webmock (~> 3.0)

BUNDLED WITH
   2.0.2
